PATH
  remote: .
  specs:
    rapidjson (0.2.3)

GEM
  remote: https://rubygems.org/
  specs:
    activesupport (7.1.3.4)
      base64
      bigdecimal
      concurrent-ruby (~> 1.0, >= 1.0.2)
      connection_pool (>= 2.2.5)
      drb
      i18n (>= 1.6, < 2)
      minitest (>= 5.1)
      mutex_m
      tzinfo (~> 2.0)
    base64 (0.2.0)
    benchmark-ips (2.10.0)
    bigdecimal (3.1.8)
    concurrent-ruby (1.3.3)
    connection_pool (2.4.1)
    drb (2.2.1)
    i18n (1.14.5)
      concurrent-ruby (~> 1.0)
    json (2.6.1)
    minitest (5.15.0)
    mutex_m (0.2.0)
    oj (3.13.11)
    rake (13.0.6)
    rake-compiler (1.1.9)
      rake
    tzinfo (2.0.6)
      concurrent-ruby (~> 1.0)
    yajl-ruby (1.4.1)

PLATFORMS
  ruby
  x86_64-linux

DEPENDENCIES
  activesupport
  benchmark-ips
  json
  minitest (~> 5.0)
  oj
  rake (~> 13.0)
  rake-compiler
  rapidjson!
  yajl-ruby

BUNDLED WITH
   2.3.4
